PATH
  remote: .
  specs:
    mm-carrierwave (0.0.1)
      carrierwave (~> 0.5)
      mongo_mapper (~> 0.9)

GEM
  remote: http://rubygems.org/
  specs:
    activemodel (3.0.6)
      activesupport (= 3.0.6)
      builder (~> 2.1.2)
      i18n (~> 0.5.0)
    activesupport (3.0.6)
    bson (1.3.0)
    builder (2.1.2)
    carrierwave (0.5.3)
      activesupport (~> 3.0)
    diff-lcs (1.1.2)
    i18n (0.5.0)
    mongo (1.3.0)
      bson (>= 1.3.0)
    mongo_mapper (0.9.0)
      activemodel (~> 3.0.0)
      activesupport (~> 3.0.0)
      plucky (~> 0.3.6)
    plucky (0.3.7)
      mongo (~> 1.1)
    rspec (2.5.0)
      rspec-core (~> 2.5.0)
      rspec-expectations (~> 2.5.0)
      rspec-mocks (~> 2.5.0)
    rspec-core (2.5.1)
    rspec-expectations (2.5.0)
      diff-lcs (~> 1.1.2)
    rspec-mocks (2.5.0)
    timecop (0.3.5)

PLATFORMS
  ruby

DEPENDENCIES
  mm-carrierwave!
  rspec (~> 2.1)
  timecop
